PATH
  remote: .
  specs:
    pusher-client (0.2.2)
      addressable (~> 2.3.1)
      ruby-hmac (~> 0.4.0)
      websocket (~> 1.0.0)

GEM
  remote: https://www.rubygems.org/
  specs:
    addressable (2.3.3)
    archive-tar-minitar (0.5.2)
    bacon (1.2.0)
    columnize (0.3.6)
    linecache19 (0.5.12)
      ruby_core_source (>= 0.1.4)
    rake (10.0.3)
    ruby-debug-base19 (0.11.25)
      columnize (>= 0.3.1)
      linecache19 (>= 0.5.11)
      ruby_core_source (>= 0.1.4)
    ruby-debug19 (0.11.6)
      columnize (>= 0.3.1)
      linecache19 (>= 0.5.11)
      ruby-debug-base19 (>= 0.11.19)
    ruby-hmac (0.4.0)
    ruby_core_source (0.1.5)
      archive-tar-minitar (>= 0.5.2)
    websocket (1.0.7)

PLATFORMS
  java
  ruby

DEPENDENCIES
  bacon
  pusher-client!
  rake
  ruby-debug19
